GEM
  remote: https://rubygems.org/
  specs:
    dotenv (2.8.1)
    json (2.6.3)
    mini_magick (4.12.0)
    pkg-config (1.5.2)
    rexml (3.2.5)
    rmagick (5.2.0)
      pkg-config (~> 1.4)
    rubyzip (2.3.2)
    selenium-webdriver (4.10.0)
      rexml (~> 3.2, >= 3.2.5)
      rubyzip (>= 1.2.2, < 3.0)
      websocket (~> 1.0)
    websocket (1.2.9)

PLATFORMS
  x86_64-linux

DEPENDENCIES
  dotenv
  json
  mini_magick
  rmagick
  selenium-webdriver

BUNDLED WITH
   2.4.15
